GEM
  remote: https://rubygems.org/
  specs:
    cowsay (0.3.0)
    mysql2 (0.5.5)

PLATFORMS
  ruby

DEPENDENCIES
  cowsay (~> 0.3.0)
  mysql2 (~> 0.5.5)

BUNDLED WITH
   2.2.3
